GEM
  remote: https://rubygems.org/
  specs:
    rack (1.6.12)
    sqlite3 (1.4.1)

PLATFORMS
  ruby

DEPENDENCIES
  rack (~> 1.3)
  sqlite3

RUBY VERSION
   ruby 2.5.5p157

BUNDLED WITH
   2.1.1
